GEM
  remote: http://rubygems.org/
  remote: http://gems.github.com/
  specs:
    term-ansicolor (1.0.5)
    watchr (0.7)

PLATFORMS
  ruby

DEPENDENCIES
  term-ansicolor
  watchr
